PATH
  remote: .
  specs:
    kamiflex (0.17.0)
      json

GEM
  remote: https://rubygems.org/
  specs:
    json (2.5.1)

PLATFORMS
  ruby

DEPENDENCIES
  kamiflex!

BUNDLED WITH
   2.2.25
